PATH
  remote: ../../
  specs:
    api_sim (2.2.0)
      json-schema (>= 2.5)
      nokogiri (~> 1.6.7)
      sinatra (~> 1.0)

GEM
  remote: https://rubygems.org/
  specs:
    addressable (2.3.8)
    json-schema (2.6.2)
      addressable (~> 2.3.8)
    mini_portile2 (2.1.0)
    nokogiri (1.6.8)
      mini_portile2 (~> 2.1.0)
      pkg-config (~> 1.1.7)
    pkg-config (1.1.7)
    rack (1.6.4)
    rack-cors (0.4.0)
    rack-protection (1.5.3)
      rack
    sinatra (1.4.7)
      rack (~> 1.5)
      rack-protection (~> 1.4)
      tilt (>= 1.3, < 3)
    tilt (2.0.5)

PLATFORMS
  ruby

DEPENDENCIES
  api_sim!
  rack-cors

BUNDLED WITH
   1.12.5
