PATH
  remote: ../..
  specs:
    api_sim (7.0.0)
      json-schema (>= 2.5)
      mustermann (~> 1.0.0.beta2)
      nokogiri (~> 1.6)
      sinatra (~> 2.0)

GEM
  remote: https://rubygems.org/
  specs:
    addressable (2.8.1)
      public_suffix (>= 2.0.2, < 6.0)
    json-schema (3.0.0)
      addressable (>= 2.8)
    mini_portile2 (2.8.0)
    mustermann (1.0.3)
    nokogiri (1.13.9)
      mini_portile2 (~> 2.8.0)
      racc (~> 1.4)
    public_suffix (5.0.0)
    racc (1.6.0)
    rack (2.2.4)
    rack-cors (1.0.6)
      rack (>= 1.6.0)
    rack-protection (2.2.1)
      rack
    sinatra (2.2.1)
      mustermann (~> 1.0)
      rack (~> 2.2)
      rack-protection (= 2.2.1)
      tilt (~> 2.0)
    tilt (2.0.11)

PLATFORMS
  ruby

DEPENDENCIES
  api_sim!
  rack-cors

BUNDLED WITH
   1.17.2
