PATH
  remote: ../..
  specs:
    api_sim (2.2.0)
      json-schema (>= 2.5)
      mustermann (~> 1.0.0.beta2)
      nokogiri (~> 1.6)
      sinatra (~> 1.0)

GEM
  remote: https://rubygems.org/
  specs:
    addressable (2.7.0)
      public_suffix (>= 2.0.2, < 5.0)
    json-schema (2.8.1)
      addressable (>= 2.4)
    mini_portile2 (2.4.0)
    mustermann (1.0.3)
    nokogiri (1.10.7)
      mini_portile2 (~> 2.4.0)
    public_suffix (4.0.1)
    rack (2.0.7)
    rack-cors (1.1.0)
      rack (>= 2.0.0)
    sinatra (1.0)
      rack (>= 1.0)

PLATFORMS
  ruby

DEPENDENCIES
  api_sim!
  rack-cors

BUNDLED WITH
   1.12.5
