PATH
  remote: ../..
  specs:
    api_sim (7.0.0)
      json-schema (>= 2.5)
      mustermann (~> 1.0.0.beta2)
      nokogiri (~> 1.6)
      sinatra (~> 2.0)

GEM
  remote: https://rubygems.org/
  specs:
    addressable (2.7.0)
      public_suffix (>= 2.0.2, < 5.0)
    json-schema (2.8.1)
      addressable (>= 2.4)
    mini_portile2 (2.4.0)
    mustermann (1.0.3)
    nokogiri (1.10.9)
      mini_portile2 (~> 2.4.0)
    public_suffix (4.0.5)
    rack (2.2.2)
    rack-protection (2.0.8.1)
      rack
    sinatra (2.0.8.1)
      mustermann (~> 1.0)
      rack (~> 2.0)
      rack-protection (= 2.0.8.1)
      tilt (~> 2.0)
    tilt (2.0.10)

PLATFORMS
  ruby

DEPENDENCIES
  api_sim!

BUNDLED WITH
   1.17.2
