PATH
  remote: ../..
  specs:
    api_sim (6.1.1)
      json-schema (>= 2.5)
      mustermann (~> 1.0.0.beta2)
      nokogiri (~> 1.6)
      sinatra (~> 1.4)

GEM
  remote: https://rubygems.org/
  specs:
    addressable (2.5.2)
      public_suffix (>= 2.0.2, < 4.0)
    json-schema (2.8.0)
      addressable (>= 2.4)
    mini_portile2 (2.3.0)
    mustermann (1.0.1)
    nokogiri (1.8.1)
      mini_portile2 (~> 2.3.0)
    public_suffix (3.0.1)
    rack (1.6.8)
    rack-protection (1.5.3)
      rack
    sinatra (1.4.8)
      rack (~> 1.5)
      rack-protection (~> 1.4)
      tilt (>= 1.3, < 3)
    tilt (2.0.8)

PLATFORMS
  ruby

DEPENDENCIES
  api_sim!

BUNDLED WITH
   1.14.6
